GEM
  remote: https://rubygems.org/
  specs:
    foreman (0.82.0)
      thor (~> 0.19.1)
    puma (3.6.0)
    rack (1.6.4)
    rack-protection (1.5.3)
      rack
    sass (3.4.22)
    sinatra (1.4.7)
      rack (~> 1.5)
      rack-protection (~> 1.4)
      tilt (>= 1.3, < 3)
    slim (3.0.7)
      temple (~> 0.7.6)
      tilt (>= 1.3.3, < 2.1)
    temple (0.7.7)
    thor (0.19.1)
    tilt (2.0.5)

PLATFORMS
  ruby

DEPENDENCIES
  foreman
  puma
  sass
  sinatra
  slim

RUBY VERSION
   ruby 2.3.1p112

BUNDLED WITH
   1.12.5
